GIT
  remote: git://github.com/ernie/meta_search.git
  revision: 34a574f9b6d602169cff6d551293256bc0debc65
  specs:
    meta_search (1.1.1)
      actionpack (~> 3.1.0)
      activerecord (~> 3.1.0)
      activesupport (~> 3.1.0)
      polyamorous (~> 0.5.0)

GIT
  remote: git://github.com/jackdempsey/acts_as_commentable.git
  revision: 3a1537dcb993f03b99eabc15f6e2846f14f8eee0
  specs:
    acts_as_commentable (3.0.0)

GIT
  remote: git://github.com/mbleigh/acts-as-taggable-on.git
  revision: dcc0c62af7c185414daea08a8beb536e8d95dd9b
  specs:
    acts-as-taggable-on (2.1.1)
      rails

GIT
  remote: https://github.com/be9/acl9.git
  revision: b1876369c9188f59776b38b9c8377f25e4f5f666
  specs:
    acl9 (0.12.0)

PATH
  remote: ./blacklight
  specs:
    blacklight (3.1.1)
      kaminari
      marc (~> 0.4.3)
      nokogiri (~> 1.5)
      rails (~> 3.0)
      rsolr (~> 1.0)
      rsolr-ext (~> 1.0)
      unicode

GEM
  remote: http://rubygems.org/
  specs:
    actionmailer (3.1.0)
      actionpack (= 3.1.0)
      mail (~> 2.3.0)
    actionpack (3.1.0)
      activemodel (= 3.1.0)
      activesupport (= 3.1.0)
      builder (~> 3.0.0)
      erubis (~> 2.7.0)
      i18n (~> 0.6)
      rack (~> 1.3.2)
      rack-cache (~> 1.0.3)
      rack-mount (~> 0.8.2)
      rack-test (~> 0.6.1)
      sprockets (~> 2.0.0)
    activeadmin (0.3.2)
      devise (>= 1.1.2)
      fastercsv
      formtastic (< 2.0.0)
      inherited_resources (< 1.3.0)
      kaminari (>= 0.12.4)
      meta_search (>= 0.9.2)
      rails (>= 3.0.0)
      sass (>= 3.1.0)
    activemodel (3.1.0)
      activesupport (= 3.1.0)
      bcrypt-ruby (~> 3.0.0)
      builder (~> 3.0.0)
      i18n (~> 0.6)
    activerecord (3.1.0)
      activemodel (= 3.1.0)
      activesupport (= 3.1.0)
      arel (~> 2.2.1)
      tzinfo (~> 0.3.29)
    activeresource (3.1.0)
      activemodel (= 3.1.0)
      activesupport (= 3.1.0)
    activesupport (3.1.0)
      multi_json (~> 1.0)
    acts_as_rateable (2.0.1)
    akami (1.0.0)
      gyoku (>= 0.4.0)
    arel (2.2.1)
    aruba (0.4.6)
      bcat (>= 0.6.1)
      childprocess (>= 0.2.0)
      cucumber (>= 1.0.2)
      rdiscount (>= 1.6.8)
      rspec (>= 2.6.0)
    bcat (0.6.2)
      rack (~> 1.0)
    bcrypt-ruby (3.0.1)
    blacklight-sitemap (1.1.0)
      nokogiri
    blacklight_advanced_search (1.1.1)
      blacklight
      parslet
      rails (~> 3.0)
    blacklight_facet_extras (0.0.1)
      blacklight
      rails (~> 3.0)
    blacklight_highlight (0.0.2)
      blacklight
      rails (~> 3.0)
      rsolr
      rsolr-ext
    blacklight_more_like_this (0.0.3.1)
      blacklight
      rails (~> 3.0)
      rsolr
      rsolr-ext
    blacklight_oai_provider (0.0.1)
      blacklight
      oai
      rails (~> 3.0)
    blacklight_oembed (0.0.5)
      blacklight
      rails (~> 3.0)
    blacklight_range_limit (1.1.0)
      blacklight
      rails (~> 3.0)
    blacklight_unapi (0.0.2)
      blacklight
      rails (~> 3.0)
    blacklight_user_generated_content (0.0.8)
      acts-as-taggable-on
      acts_as_commentable
      blacklight (~> 3.0)
      cancan
      rails (~> 3.0)
      rsolr-ext
    blankslate (2.1.2.4)
    builder (3.0.0)
    cancan (1.6.7)
    capybara (1.1.1)
      mime-types (>= 1.16)
      nokogiri (>= 1.3.3)
      rack (>= 1.0.0)
      rack-test (>= 0.5.4)
      selenium-webdriver (~> 2.0)
      xpath (~> 0.1.4)
    carmen (0.2.8)
    childprocess (0.2.2)
      ffi (~> 1.0.6)
    chunky_png (1.2.5)
    cocaine (0.2.0)
    coffee-script (2.2.0)
      coffee-script-source
      execjs
    coffee-script-source (1.1.2)
    compass (0.12.alpha.0)
      chunky_png (~> 1.2)
      fssm (>= 0.2.7)
      sass (~> 3.1)
    cql-ruby (0.8.2)
    cucumber (1.1.0)
      builder (>= 2.1.2)
      diff-lcs (>= 1.1.2)
      gherkin (~> 2.5.0)
      json (>= 1.4.6)
      term-ansicolor (>= 1.0.6)
    cucumber-rails (1.1.1)
      capybara (>= 1.1.1)
      cucumber (>= 1.1.0)
      nokogiri (>= 1.5.0)
    database_cleaner (0.6.7)
    devise (1.4.7)
      bcrypt-ruby (~> 3.0)
      orm_adapter (~> 0.0.3)
      warden (~> 1.0.3)
    diff-lcs (1.1.3)
    dynamic_form (1.1.4)
    erubis (2.7.0)
    exception_notification (2.5.2)
      actionmailer (>= 3.0.4)
    execjs (1.2.9)
      multi_json (~> 1.0)
    fastercsv (1.5.4)
    ffi (1.0.9)
    formtastic (1.2.4)
      actionpack (>= 2.3.7)
      activesupport (>= 2.3.7)
      i18n (~> 0.4)
    fssm (0.2.7)
    gherkin (2.5.1)
      json (>= 1.4.6)
    gyoku (0.4.4)
      builder (>= 2.1.2)
    has_scope (0.5.1)
    hike (1.2.1)
    httpi (0.9.5)
      rack
    i18n (0.6.0)
    inherited_resources (1.2.2)
      has_scope (~> 0.5.0)
      responders (~> 0.6.0)
    jquery-rails (1.0.14)
      railties (~> 3.0)
      thor (~> 0.14)
    json (1.6.1)
    json_pure (1.6.1)
    kaminari (0.12.4)
      rails (>= 3.0.0)
    libv8 (3.3.10.2)
    mail (2.3.0)
      i18n (>= 0.4.0)
      mime-types (~> 1.16)
      treetop (~> 1.4.8)
    marc (0.4.3)
    mime-types (1.16)
    multi_json (1.0.3)
    mysql2 (0.3.7)
    newrelic_rpm (3.1.2)
    nokogiri (1.5.0)
    nori (1.0.2)
    oai (0.0.12)
      builder (>= 2.0.0)
    orm_adapter (0.0.5)
    paperclip (2.4.3)
      activerecord (>= 2.3.0)
      activesupport (>= 2.3.2)
      cocaine (>= 0.0.2)
      mime-types
    parslet (1.2.3)
      blankslate (~> 2.0)
    polyamorous (0.5.0)
      activerecord (~> 3.0)
    polyglot (0.3.2)
    progressbar (0.9.1)
    rack (1.3.4)
    rack-cache (1.0.3)
      rack (>= 0.4)
    rack-mount (0.8.3)
      rack (>= 1.0.0)
    rack-ssl (1.3.2)
      rack
    rack-test (0.6.1)
      rack (>= 1.0)
    rails (3.1.0)
      actionmailer (= 3.1.0)
      actionpack (= 3.1.0)
      activerecord (= 3.1.0)
      activeresource (= 3.1.0)
      activesupport (= 3.1.0)
      bundler (~> 1.0)
      railties (= 3.1.0)
    rails-footnotes (3.7.5)
      rails (>= 3.0.0)
    railties (3.1.0)
      actionpack (= 3.1.0)
      activesupport (= 3.1.0)
      rack-ssl (~> 1.3.2)
      rake (>= 0.8.7)
      rdoc (~> 3.4)
      thor (~> 0.14.6)
    rake (0.9.2)
    rdiscount (1.6.8)
    rdoc (3.9.4)
    responders (0.6.4)
    rest-client (1.6.7)
      mime-types (>= 1.16)
    retryable (1.2.5)
    rmagick (2.13.1)
    rsolr (1.0.1)
      builder (>= 2.1.2)
    rsolr-ext (1.0.1)
      rsolr (>= 1.0.1)
    rsolr-footnotes (0.0.2)
      activesupport
      rails
      rails-footnotes
      rsolr
    rspec (2.6.0)
      rspec-core (~> 2.6.0)
      rspec-expectations (~> 2.6.0)
      rspec-mocks (~> 2.6.0)
    rspec-core (2.6.4)
    rspec-expectations (2.6.0)
      diff-lcs (~> 1.1.2)
    rspec-mocks (2.6.0)
    rspec-rails (2.6.1)
      actionpack (~> 3.0)
      activesupport (~> 3.0)
      railties (~> 3.0)
      rspec (~> 2.6.0)
    rubydora (0.1.6)
      activemodel
      activesupport
      fastercsv
      mime-types
      nokogiri
      rest-client
      savon
    rubytree (0.8.1)
    rubyzip (0.9.4)
    sass (3.1.8)
    sass-rails (3.1.4)
      actionpack (~> 3.1.0)
      railties (~> 3.1.0)
      sass (>= 3.1.4)
      sprockets (~> 2.0.0)
      tilt (~> 1.3.2)
    savon (0.9.7)
      akami (~> 1.0)
      builder (>= 2.1.2)
      gyoku (>= 0.4.0)
      httpi (~> 0.9)
      nokogiri (>= 1.4.0)
      nori (~> 1.0)
      wasabi (~> 2.0)
    selenium-webdriver (2.8.0)
      childprocess (>= 0.2.1)
      ffi (>= 1.0.7)
      json_pure
      rubyzip
    sprockets (2.0.2)
      hike (~> 1.2)
      rack (~> 1.0)
      tilt (~> 1.1, != 1.3.0)
    streamly (0.1.4)
    term-ansicolor (1.0.6)
    therubyracer (0.9.6)
      libv8 (~> 3.3.10)
    thor (0.14.6)
    tilt (1.3.3)
    treetop (1.4.10)
      polyglot
      polyglot (>= 0.3.1)
    trollop (1.16.2)
    tzinfo (0.3.30)
    uglifier (1.0.3)
      execjs (>= 0.3.0)
      multi_json (>= 1.0.2)
    unicode (0.4.0)
    warden (1.0.5)
      rack (>= 1.0)
    wasabi (2.0.0)
      nokogiri (>= 1.4.0)
    webrat (0.7.3)
      nokogiri (>= 1.2.0)
      rack (>= 1.0)
      rack-test (>= 0.5.3)
    xpath (0.1.4)
      nokogiri (~> 1.3)

PLATFORMS
  ruby

DEPENDENCIES
  acl9!
  activeadmin
  acts-as-taggable-on!
  acts_as_commentable!
  acts_as_rateable
  aruba
  blacklight!
  blacklight-sitemap
  blacklight_advanced_search
  blacklight_facet_extras
  blacklight_highlight (>= 0.0.2)
  blacklight_more_like_this
  blacklight_oai_provider
  blacklight_oembed (>= 0.0.5)
  blacklight_range_limit
  blacklight_unapi (>= 0.0.2)
  blacklight_user_generated_content (>= 0.0.8)
  cancan
  capybara
  carmen
  coffee-script
  compass (= 0.12.alpha.0)
  cql-ruby
  cucumber-rails
  database_cleaner
  devise
  dynamic_form
  exception_notification
  execjs
  fastercsv
  jquery-rails
  json
  meta_search!
  mysql2 (~> 0.3.2)
  newrelic_rpm
  nokogiri (~> 1.5.0)
  oai
  paperclip
  parslet
  progressbar
  rails (= 3.1.0)
  rails-footnotes (>= 3.7)
  rest-client
  retryable
  rmagick
  rsolr (= 1.0.1)
  rsolr-ext (= 1.0.1)
  rsolr-footnotes
  rspec
  rspec-rails (~> 2.6.0)
  rubydora (~> 0.1.3)
  rubytree
  sass-rails
  streamly
  therubyracer
  trollop
  uglifier
  webrat
